GIT
  remote: git://github.com/poeks/dm-pagination.git
  revision: 0a2fddc594befab5594d2fe76ad5fa2cd00e2563
  specs:
    dm-pager (1.1.1)
      dm-aggregates (~> 1.1.0)
      dm-core (~> 1.1.0)

GEM
  remote: http://rubygems.org/
  remote: http://gems.stepchangecloud.com/
  specs:
    ParseTree (3.0.7)
      RubyInline (>= 3.7.0)
      sexp_processor (>= 3.0.0)
    RubyInline (3.9.0)
      ZenTest (~> 4.3)
    ZenTest (4.5.0)
    addressable (2.2.6)
    adminnie (0.7.1)
      dm-amazon_image (>= 2.0.1)
      dm-pager (>= 1.0.3)
      extlib
      rack-flash
      rack-flash (>= 0.1.1)
      sinatra_messages
      valibot
    archive-tar-minitar (0.5.2)
    autotest (4.4.6)
      ZenTest (>= 4.4.1)
    autotest-fsevent (0.2.5)
      sys-uname
    autotest-growl (0.2.9)
    autotest-inotify (0.0.6)
      autotest (>= 4.2.4)
      rb-inotify
    aws-s3 (0.6.2)
      builder
      mime-types
      xml-simple
    bcrypt-ruby (2.1.4)
    builder (3.0.0)
    columnize (0.3.2)
    confit (1.0)
    contest (0.1.2)
    daemons (1.1.3)
    data_objects (0.10.6)
      addressable (~> 2.1)
    diff-lcs (1.1.2)
    dm-aggregates (1.1.0)
      dm-core (~> 1.1.0)
    dm-amazon_image (2.0.1)
      aws-s3 (= 0.6.2)
      dm-core (>= 1.0.0)
    dm-core (1.1.0)
      addressable (~> 2.2.4)
    dm-do-adapter (1.1.0)
      data_objects (~> 0.10.2)
      dm-core (~> 1.1.0)
    dm-fixer_upper (1.1.1)
    dm-migrations (1.1.0)
      dm-core (~> 1.1.0)
    dm-postgres-adapter (1.1.0)
      dm-do-adapter (~> 1.1.0)
      do_postgres (~> 0.10.2)
    dm-sweatshop (1.1.0)
      ParseTree (~> 3.0.7)
      dm-core (~> 1.1.0)
      randexp (~> 0.1.5)
    dm-timestamps (1.1.0)
      dm-core (~> 1.1.0)
    dm-types (1.1.0)
      bcrypt-ruby (~> 2.1.4)
      dm-core (~> 1.1.0)
      fastercsv (~> 1.5.4)
      json (~> 1.4.6)
      stringex (~> 1.2.0)
      uuidtools (~> 2.1.2)
    dm-validations (1.1.0)
      dm-core (~> 1.1.0)
    do_postgres (0.10.6)
      data_objects (= 0.10.6)
    eventmachine (0.12.10)
    extlib (0.9.15)
    fastercsv (1.5.4)
    ffi (1.0.9)
    json (1.4.6)
    linecache (0.43)
    linecache19 (0.5.12)
      ruby_core_source (>= 0.1.4)
    mailfactory (1.4.0)
      mime-types (>= 1.13.1)
    mime-types (1.16)
    nokogiri (1.4.4)
    original_gangster (1.1.4)
      symboltable (= 1.0.0)
      typhoeus (= 0.2.4)
      url_safe_base64 (>= 0.2.1)
      yajl-ruby (>= 0.8.1)
    rack (1.2.1)
    rack-cookie_monster (1.0.1)
      rack (>= 1.0.0)
    rack-flash (0.1.1)
      rack
    rack-rest_book (1.0.4)
      rack (>= 1.0.0)
    rack-test (0.5.6)
      rack (>= 1.0)
    rack_errorpage (1.0.0)
      rack
    rack_hoptoad (0.1.5)
      rack
      toadhopper (~> 1.0.1)
    rake (0.8.7)
    randexp (0.1.5)
      ParseTree
    rb-inotify (0.8.4)
      ffi (>= 0.5.0)
    redgreen (1.2.2)
    rspec (2.6.0)
      rspec-core (~> 2.6.0)
      rspec-expectations (~> 2.6.0)
      rspec-mocks (~> 2.6.0)
    rspec-core (2.6.0)
    rspec-expectations (2.6.0)
      diff-lcs (~> 1.1.2)
    rspec-mocks (2.6.0)
    ruby-debug (0.10.4)
      columnize (>= 0.1)
      ruby-debug-base (~> 0.10.4.0)
    ruby-debug-base (0.10.4)
      linecache (>= 0.3)
    ruby-debug-base19 (0.11.25)
      columnize (>= 0.3.1)
      linecache19 (>= 0.5.11)
      ruby_core_source (>= 0.1.4)
    ruby-debug19 (0.11.6)
      columnize (>= 0.3.1)
      linecache19 (>= 0.5.11)
      ruby-debug-base19 (>= 0.11.19)
    ruby_core_source (0.1.5)
      archive-tar-minitar (>= 0.5.2)
    sail_monitor (0.669)
      sinatra
    scg_metrics (0.4)
      fastercsv (>= 1.5.3)
    sexp_processor (3.0.5)
    shotgun (0.9)
      rack (>= 1.0)
    sinatra (1.2.3)
      rack (~> 1.1)
      tilt (>= 1.2.2, < 2.0)
    sinatra-original_gangster (2.1.3)
      original_gangster (>= 1.1.2)
      url_safe_base64 (= 0.2.1)
      yajl-ruby (>= 0.7.8)
    sinatra_messages (1.1)
    stringex (1.2.1)
    symboltable (1.0.0)
    sys-uname (0.8.5)
    thin (1.2.11)
      daemons (>= 1.0.9)
      eventmachine (>= 0.12.6)
      rack (>= 1.0.0)
    tilt (1.3.2)
    toadhopper (1.0.1)
    typhoeus (0.2.4)
      mime-types
      mime-types
    url_safe_base64 (0.2.1)
    uuidtools (2.1.2)
    valibot (0.1.8)
      dm-core (>= 1.0.0)
      dm-validations (>= 1.0.0)
      sinatra (>= 1.1.0)
    xml-simple (1.0.16)
    yajl-ruby (0.8.2)

PLATFORMS
  ruby

DEPENDENCIES
  ZenTest (= 4.5)
  adminnie (= 0.7.1)
  autotest-fsevent
  autotest-growl
  autotest-inotify
  confit (= 1.0)
  contest (= 0.1.2)
  dm-aggregates (= 1.1.0)
  dm-amazon_image (= 2.0.1)
  dm-core (= 1.1.0)
  dm-fixer_upper (= 1.1.1)
  dm-migrations (= 1.1.0)
  dm-pager (= 1.1.1)!
  dm-postgres-adapter (= 1.1.0)
  dm-sweatshop (= 1.1.0)
  dm-timestamps (= 1.1.0)
  dm-types (= 1.1.0)
  dm-validations (= 1.1.0)
  extlib
  mailfactory (= 1.4.0)
  nokogiri
  rack (= 1.2.1)
  rack-cookie_monster (= 1.0.1)
  rack-flash (= 0.1.1)
  rack-rest_book (~> 1.0)
  rack-test (= 0.5.6)
  rack_errorpage (= 1.0.0)
  rack_hoptoad (= 0.1.5)
  rake (= 0.8.7)
  randexp (= 0.1.5)
  redgreen
  rspec (= 2.6)
  rspec-core (= 2.6)
  ruby-debug
  ruby-debug19
  sail_monitor (= 0.669)
  scg_metrics (= 0.4)
  shotgun
  sinatra (= 1.2.3)
  sinatra-original_gangster (= 2.1.3)
  sinatra_messages (= 1.1)
  thin
  toadhopper (= 1.0.1)
  valibot (= 0.1.8)
