GIT
  remote: git://github.com/poeks/dm-pagination.git
  revision: c6de7d60323c1cda9dfbc4e76c83c6ee4fd2bafa
  specs:
    dm-pager (1.0.3)
      dm-aggregates (>= 0.10.1)
      dm-core (>= 0.10.1)

GEM
  remote: http://rubygems.org/
  remote: http://gems.stepchangecloud.com/
  specs:
    ParseTree (3.0.7)
      RubyInline (>= 3.7.0)
      sexp_processor (>= 3.0.0)
    RubyInline (3.9.0)
      ZenTest (~> 4.3)
    ZenTest (4.5.0)
    addressable (2.2.4)
    aws-s3 (0.6.2)
      builder
      mime-types
      xml-simple
    builder (3.0.0)
    confit (1.0)
    contest (0.1.2)
    data_objects (0.10.3)
      addressable (~> 2.1)
    dm-aggregates (1.0.2)
      dm-core (~> 1.0.2)
    dm-amazon_image (2.0.1)
      aws-s3 (= 0.6.2)
      dm-core (>= 1.0.0)
    dm-core (1.0.2)
      addressable (~> 2.2)
      extlib (~> 0.9.15)
    dm-do-adapter (1.0.2)
      data_objects (~> 0.10.2)
      dm-core (~> 1.0.2)
    dm-fixer_upper (1.1.1)
    dm-migrations (1.0.2)
      dm-core (~> 1.0.2)
    dm-postgres-adapter (1.0.2)
      dm-do-adapter (~> 1.0.2)
      do_postgres (~> 0.10.2)
    dm-sweatshop (1.0.2)
      dm-core (~> 1.0.2)
      randexp (~> 0.1.5)
    dm-timestamps (1.0.2)
      dm-core (~> 1.0.2)
    dm-types (1.0.2)
      dm-core (~> 1.0.2)
      fastercsv (~> 1.5.3)
      json_pure (~> 1.4)
      stringex (~> 1.1.0)
      uuidtools (~> 2.1.1)
    dm-validations (1.0.2)
      dm-core (~> 1.0.2)
    do_postgres (0.10.3)
      data_objects (= 0.10.3)
    extlib (0.9.15)
    fastercsv (1.5.4)
    flickr_fu (0.3.0)
      mime-types (> 0.0.0)
      xml-magic (> 0.0.0)
    json_pure (1.5.1)
    mailfactory (1.4.0)
      mime-types (>= 1.13.1)
    mime-types (1.16)
    original_gangster (1.1.2)
      symboltable (= 1.0.0)
      typhoeus (= 0.2.4)
      url_safe_base64 (>= 0.2.1)
      yajl-ruby (>= 0.8.1)
    rack (1.2.1)
    rack-cookie_monster (1.0.1)
      rack (>= 1.0.0)
    rack-flash (0.1.1)
      rack
    rack-rest_book (1.0.4)
      rack (>= 1.0.0)
    rack-test (0.5.6)
      rack (>= 1.0)
    rack_errorpage (1.0.0)
      rack
    rack_hoptoad (0.1.5)
      rack
      toadhopper (~> 1.0.1)
    rake (0.8.7)
    randexp (0.1.5)
      ParseTree
    sail_monitor (0.669)
      sinatra
    scg_metrics (0.4)
      fastercsv (>= 1.5.3)
    sexp_processor (3.0.5)
    sinatra (1.1.0)
      rack (~> 1.1)
      tilt (~> 1.1)
    sinatra-original_gangster (2.1.3)
      original_gangster (>= 1.1.2)
      url_safe_base64 (= 0.2.1)
      yajl-ruby (>= 0.7.8)
    sinatra_messages (1.1)
    stringex (1.1.0)
    symboltable (1.0.0)
    tilt (1.2.2)
    toadhopper (1.0.1)
    typhoeus (0.2.4)
      mime-types
      mime-types
    url_safe_base64 (0.2.1)
    uuidtools (2.1.2)
    valibot (0.1.7)
      dm-core (>= 1.0.0)
      dm-validations (>= 1.0.0)
      sinatra (>= 1.1.0)
    xml-magic (0.1.1)
    xml-simple (1.0.15)
    yajl-ruby (0.8.2)

PLATFORMS
  ruby

DEPENDENCIES
  confit (= 1.0)
  contest (= 0.1.2)
  dm-aggregates (= 1.0.2)
  dm-amazon_image (= 2.0.1)
  dm-core (= 1.0.2)
  dm-fixer_upper (= 1.1.1)
  dm-migrations (= 1.0.2)
  dm-pager (= 1.0.3)!
  dm-postgres-adapter (= 1.0.2)
  dm-sweatshop (= 1.0.2)
  dm-timestamps (= 1.0.2)
  dm-types (= 1.0.2)
  dm-validations (= 1.0.2)
  flickr_fu (= 0.3.0)
  mailfactory (= 1.4.0)
  rack (= 1.2.1)
  rack-cookie_monster (= 1.0.1)
  rack-flash (= 0.1.1)
  rack-rest_book (~> 1.0)
  rack-test (= 0.5.6)
  rack_errorpage (= 1.0.0)
  rack_hoptoad (= 0.1.5)
  rake (= 0.8.7)
  randexp (= 0.1.5)
  sail_monitor (= 0.669)
  scg_metrics (= 0.4)
  sinatra (= 1.1.0)
  sinatra-original_gangster (= 2.1.3)
  sinatra_messages (= 1.1)
  toadhopper (= 1.0.1)
  valibot (= 0.1.7)
